GEM
  remote: https://rubygems.org/
  specs:
    backports (3.6.7)
    bcrypt (3.1.11)
    bcrypt (3.1.11-x86-mingw32)
    coderay (1.1.0)
    faker (1.6.3)
      i18n (~> 0.5)
    i18n (0.7.0)
    method_source (0.8.2)
    multi_json (1.11.2)
    pg (0.18.4)
    pg (0.18.4-x86-mingw32)
    pry (0.10.3)
      coderay (~> 1.1.0)
      method_source (~> 0.8.1)
      slop (~> 3.4)
    rack (1.6.10)
    rack-protection (1.5.5)
      rack
    rack-test (0.6.3)
      rack (>= 1.0)
    sinatra (1.4.8)
      rack (~> 1.5)
      rack-protection (~> 1.4)
      tilt (>= 1.3, < 3)
    sinatra-contrib (1.4.6)
      backports (>= 2.0)
      multi_json
      rack-protection
      rack-test
      sinatra (~> 1.4.0)
      tilt (>= 1.3, < 3)
    slop (3.6.0)
    tilt (2.0.8)

PLATFORMS
  ruby
  x86-mingw32

DEPENDENCIES
  bcrypt
  faker
  pg
  pry
  rack
  sinatra
  sinatra-contrib

BUNDLED WITH
   1.13.6
